GEM
  remote: https://rubygems.org/
  specs:
    bond (0.5.1)
    czmq-ffi-gen (0.13.0)
      ffi (~> 1.9.10)
    cztop (0.11.4)
      czmq-ffi-gen (~> 0.13.0)
    data_uri (0.1.0)
    ffi (1.9.25)
    gems (1.0.0)
      json
    iruby (0.3)
      bond (~> 0.5)
      data_uri (~> 0.1)
      mimemagic (~> 0.3)
      multi_json (~> 1.11)
    json (2.1.0)
    mimemagic (0.3.2)
    multi_json (1.12.1)

PLATFORMS
  ruby

DEPENDENCIES
  cztop
  gems
  iruby

BUNDLED WITH
   1.14.6
